GEM
  remote: https://rubygems.org/
  specs:
    activesupport (5.0.0.1)
      concurrent-ruby (~> 1.0, >= 1.0.2)
      i18n (~> 0.7)
      minitest (~> 5.1)
      tzinfo (~> 1.1)
    coderay (1.1.1)
    concurrent-ruby (1.0.2)
    google_static_maps_helper (1.3.5)
    gtfs (0.2.5)
      multi_json
      rake
      rubyzip (~> 1.1)
    gtfs-realtime-bindings (0.0.5)
      protobuf (>= 3.0)
    i18n (0.7.0)
    method_source (0.8.2)
    middleware (0.1.0)
    minitest (5.9.1)
    multi_json (1.12.1)
    protobuf (3.6.12)
      activesupport (>= 3.2)
      middleware
      thor
      thread_safe
    pry (0.10.4)
      coderay (~> 1.1.0)
      method_source (~> 0.8.1)
      slop (~> 3.4)
    rake (11.3.0)
    rubyzip (1.2.0)
    slop (3.6.0)
    thor (0.19.1)
    thread_safe (0.3.5)
    tzinfo (1.2.2)
      thread_safe (~> 0.1)

PLATFORMS
  ruby

DEPENDENCIES
  google_static_maps_helper
  gtfs
  gtfs-realtime-bindings
  pry

BUNDLED WITH
   1.13.6
